GEM
  remote: https://rubygems.org/
  specs:
    hpricot (0.8.6)
    mustache (1.1.1)
    paru (0.4.3)
    rdiscount (2.2.0.2)
    ronn (0.7.3)
      hpricot (>= 0.8.2)
      mustache (>= 0.7.0)
      rdiscount (>= 1.5.8)
    zlib (2.1.1)

PLATFORMS
  x86_64-linux

DEPENDENCIES
  paru (~> 0.4.3)
  ronn
  zlib (~> 2.1, >= 2.1.1)

BUNDLED WITH
   2.2.14
